GEM
  remote: https://rubygems.org/
  specs:
    addressable (2.8.6)
      public_suffix (>= 2.0.2, < 6.0)
    builder (3.2.4)
    descendants_tracker (0.0.4)
      thread_safe (~> 0.3, >= 0.3.1)
    faraday (1.10.3)
      faraday-em_http (~> 1.0)
      faraday-em_synchrony (~> 1.0)
      faraday-excon (~> 1.1)
      faraday-httpclient (~> 1.0)
      faraday-multipart (~> 1.0)
      faraday-net_http (~> 1.0)
      faraday-net_http_persistent (~> 1.0)
      faraday-patron (~> 1.0)
      faraday-rack (~> 1.0)
      faraday-retry (~> 1.0)
      ruby2_keywords (>= 0.0.4)
    faraday-em_http (1.0.0)
    faraday-em_synchrony (1.0.0)
    faraday-excon (1.1.0)
    faraday-httpclient (1.0.1)
    faraday-multipart (1.0.4)
      multipart-post (~> 2)
    faraday-net_http (1.0.1)
    faraday-net_http_persistent (1.2.0)
    faraday-patron (1.0.0)
    faraday-rack (1.0.0)
    faraday-retry (1.0.3)
    git (1.19.1)
      addressable (~> 2.8)
      rchardet (~> 1.8)
    github_api (0.19.0)
      addressable (~> 2.4)
      descendants_tracker (~> 0.0.4)
      faraday (>= 0.8, < 2)
      hashie (~> 3.5, >= 3.5.2)
      oauth2 (~> 1.0)
    hashie (3.6.0)
    highline (3.0.1)
    juwelier (2.4.9)
      builder
      bundler
      git
      github_api
      highline
      kamelcase (~> 0)
      nokogiri
      psych
      rake
      rdoc
      semver2
    jwt (2.7.1)
    kamelcase (0.0.2)
      semver2 (~> 3)
    multi_json (1.15.0)
    multi_xml (0.6.0)
    multipart-post (2.3.0)
    nokogiri (1.16.0-aarch64-linux)
      racc (~> 1.4)
    nokogiri (1.16.0-arm-linux)
      racc (~> 1.4)
    nokogiri (1.16.0-arm64-darwin)
      racc (~> 1.4)
    nokogiri (1.16.0-x86-linux)
      racc (~> 1.4)
    nokogiri (1.16.0-x86_64-darwin)
      racc (~> 1.4)
    nokogiri (1.16.0-x86_64-linux)
      racc (~> 1.4)
    oauth2 (1.4.11)
      faraday (>= 0.17.3, < 3.0)
      jwt (>= 1.0, < 3.0)
      multi_json (~> 1.3)
      multi_xml (~> 0.5)
      rack (>= 1.2, < 4)
    psych (5.1.2)
      stringio
    public_suffix (5.0.4)
    racc (1.7.3)
    rack (3.0.8)
    rake (13.1.0)
    rchardet (1.8.0)
    rdoc (6.6.2)
      psych (>= 4.0.0)
    ruby2_keywords (0.0.5)
    semver2 (3.4.2)
    stringio (3.1.0)
    thread_safe (0.3.6)

PLATFORMS
  aarch64-linux
  arm-linux
  arm64-darwin
  x86-linux
  x86_64-darwin
  x86_64-linux

DEPENDENCIES
  juwelier (~> 2.4.9)

BUNDLED WITH
   2.5.5
